PATH
  remote: .
  specs:
    Whenner (0.0.1)

GEM
  remote: https://rubygems.org/
  specs:
    diff-lcs (1.2.5)
    kramdown (1.3.0)
    rake (10.1.0)
    rspec (2.14.1)
      rspec-core (~> 2.14.0)
      rspec-expectations (~> 2.14.0)
      rspec-mocks (~> 2.14.0)
    rspec-core (2.14.7)
    rspec-expectations (2.14.4)
      diff-lcs (>= 1.1.3, < 2.0)
    rspec-mocks (2.14.4)
    yard (0.8.7.3)

PLATFORMS
  ruby

DEPENDENCIES
  Whenner!
  kramdown
  rake
  rspec
  yard
